PATH
  remote: .
  specs:
    redisgreen (0.0.1)
      hiredis
      redis

GEM
  remote: http://rubygems.org/
  specs:
    coderay (1.0.8)
    guard (1.6.1)
      listen (>= 0.6.0)
      lumberjack (>= 1.0.2)
      pry (>= 0.9.10)
      thor (>= 0.14.6)
    hiredis (0.4.5)
    listen (0.7.1)
    lumberjack (1.0.2)
    method_source (0.8.1)
    pry (0.9.10)
      coderay (~> 1.0.5)
      method_source (~> 0.8)
      slop (~> 3.3.1)
    redis (3.0.2)
    slop (3.3.3)
    thor (0.16.0)

PLATFORMS
  ruby

DEPENDENCIES
  guard
  redisgreen!
