PATH
  remote: .
  specs:
    redis-kit (0.0.2)
      hiredis (~> 0.4.0)
      mock_redis (~> 0.6.0)
      redis (~> 3.0.0)

GEM
  remote: https://rubygems.org/
  specs:
    coderay (1.0.9)
    guard (1.6.2)
      listen (>= 0.6.0)
      lumberjack (>= 1.0.2)
      pry (>= 0.9.10)
      terminal-table (>= 1.4.3)
      thor (>= 0.14.6)
    guard-minitest (0.5.0)
      guard (>= 0.4)
    hiredis (0.4.5)
    listen (0.7.3)
    lumberjack (1.0.2)
    method_source (0.8.1)
    mock_redis (0.6.4)
    pry (0.9.12)
      coderay (~> 1.0.5)
      method_source (~> 0.8)
      slop (~> 3.4)
    pry (0.9.12-java)
      coderay (~> 1.0.5)
      method_source (~> 0.8)
      slop (~> 3.4)
      spoon (~> 0.0)
    rake (10.0.3)
    rb-fsevent (0.9.3)
    redis (3.0.3)
    slop (3.4.3)
    spoon (0.0.1)
    terminal-table (1.4.5)
    thor (0.17.0)

PLATFORMS
  java
  ruby

DEPENDENCIES
  guard (~> 1.6.0)
  guard-minitest (~> 0.5.0)
  rake (~> 10.0.0)
  rb-fsevent (~> 0.9.0)
  redis-kit!
