PATH
  remote: .
  specs:
    easy-redis (0.0.1)
      hiredis
      redis

GEM
  remote: http://rubygems.org/
  specs:
    coderay (1.0.8)
    guard (1.6.1)
      listen (>= 0.6.0)
      lumberjack (>= 1.0.2)
      pry (>= 0.9.10)
      thor (>= 0.14.6)
    guard-test (0.7.0)
      guard (>= 1.1)
      test-unit (~> 2.2)
    hiredis (0.4.5)
    listen (0.7.2)
    lumberjack (1.0.2)
    method_source (0.8.1)
    pry (0.9.11.1)
      coderay (~> 1.0.5)
      method_source (~> 0.8)
      slop (~> 3.4)
    rake (10.0.3)
    rb-fsevent (0.9.3)
    redis (3.0.2)
    slop (3.4.3)
    test-unit (2.5.3)
    thor (0.16.0)

PLATFORMS
  ruby

DEPENDENCIES
  easy-redis!
  guard
  guard-test
  hiredis
  rake
  rb-fsevent
  redis
